GEM
  remote: https://rubygems.org/
  specs:
    bcrypt (3.1.11)
    daemons (1.2.3)
    eventmachine (1.2.0.1)
    ffi (1.9.10)
    gchart (1.0.0)
      hoe (>= 2.3.2)
    googlecharts (1.6.12)
    hoe (3.15.0)
      rake (>= 0.8, < 12.0)
    json (1.8.3)
    listen (3.0.6)
      rb-fsevent (>= 0.9.3)
      rb-inotify (>= 0.9.7)
    pg (0.18.4)
    rack (1.6.4)
    rack-protection (1.5.3)
      rack
    rake (11.1.1)
    rb-fsevent (0.9.7)
    rb-inotify (0.9.7)
      ffi (>= 0.5.0)
    rerun (0.11.0)
      listen (~> 3.0)
    sass (3.4.21)
    sequel (4.32.0)
    sinatra (1.4.7)
      rack (~> 1.5)
      rack-protection (~> 1.4)
      tilt (>= 1.3, < 3)
    thin (1.6.4)
      daemons (~> 1.0, >= 1.0.9)
      eventmachine (~> 1.0, >= 1.0.4)
      rack (~> 1.0)
    tilt (2.0.2)

PLATFORMS
  ruby

DEPENDENCIES
  bcrypt (~> 3.1, >= 3.1.11)
  gchart (~> 1.0)
  googlecharts (~> 1.6, >= 1.6.12)
  json (~> 1.8, >= 1.8.3)
  pg (~> 0.18.4)
  rerun (~> 0.11.0)
  sass (~> 3.4, >= 3.4.21)
  sequel (~> 4.32)
  sinatra (~> 1.4, >= 1.4.7)
  thin (~> 1.6, >= 1.6.4)

BUNDLED WITH
   1.11.2
